GIT
  remote: https://github.com/ParadoxV5/yard.git
  revision: 9e869c940859570b07b81c5eadd6070e76f6291e
  ref: 9e869c940859570b07b81c5eadd6070e76f6291e
  branch: commonmarker-1.0
  specs:
    yard (0.9.36)

PATH
  remote: .
  specs:
    adassault (0.0.3)
      base64 (~> 0.2.0)
      dnsruby (~> 1.72, >= 1.72.1)
      gli (~> 2.21)
      paint (~> 2.3)

GEM
  remote: https://rubygems.org/
  specs:
    ast (2.4.2)
    base64 (0.2.0)
    coderay (1.1.3)
    commonmarker (2.0.4-aarch64-linux)
    commonmarker (2.0.4-arm64-darwin)
    commonmarker (2.0.4-x86_64-darwin)
    commonmarker (2.0.4-x86_64-linux)
    dnsruby (1.72.3)
      base64 (~> 0.2.0)
      simpleidn (~> 0.2.1)
    gli (2.22.2)
      ostruct
    json (2.9.1)
    language_server-protocol (3.17.0.3)
    ostruct (0.6.1)
    paint (2.3.0)
    parallel (1.26.3)
    parser (3.3.7.0)
      ast (~> 2.4.1)
      racc
    racc (1.8.1)
    rainbow (3.1.1)
    regexp_parser (2.10.0)
    rubocop (1.71.0)
      json (~> 2.3)
      language_server-protocol (>= 3.17.0)
      parallel (~> 1.10)
      parser (>= 3.3.0.2)
      rainbow (>= 2.2.2, < 4.0)
      regexp_parser (>= 2.9.3, < 3.0)
      rubocop-ast (>= 1.36.2, < 2.0)
      ruby-progressbar (~> 1.7)
      unicode-display_width (>= 2.4.0, < 4.0)
    rubocop-ast (1.37.0)
      parser (>= 3.3.1.0)
    ruby-progressbar (1.13.0)
    simpleidn (0.2.3)
    unicode-display_width (3.1.4)
      unicode-emoji (~> 4.0, >= 4.0.4)
    unicode-emoji (4.0.4)
    webrick (1.9.1)
    yard-coderay (0.1.0)
      coderay
      yard

PLATFORMS
  aarch64-linux
  arm64-darwin
  x86_64-darwin
  x86_64-linux

DEPENDENCIES
  adassault!
  base64 (~> 0.2.0)
  bundler (~> 2.5)
  commonmarker (~> 2.0)
  dnsruby (~> 1.72)
  gli (~> 2.22)
  paint (~> 2.3)
  rubocop (~> 1.71)
  webrick (~> 1.9)
  yard!
  yard-coderay (~> 0.1)

BUNDLED WITH
   2.6.3
